PATH
  remote: .
  specs:
    github-linguist (9.0.0)
      cgi
      charlock_holmes (~> 0.7.7)
      mini_mime (~> 1.0)
      rugged (~> 1.0)

GEM
  remote: https://rubygems.org/
  specs:
    addressable (2.8.7)
      public_suffix (>= 2.0.2, < 7.0)
    base64 (0.2.0)
    byebug (11.1.3)
    cgi (0.4.1)
    charlock_holmes (0.7.9)
    coderay (1.1.3)
    dotenv (2.8.1)
    faraday (2.8.1)
      base64
      faraday-net_http (>= 2.0, < 3.1)
      ruby2_keywords (>= 0.0.4)
    faraday-net_http (3.0.2)
    json (2.7.6)
    licensed (4.2.0)
      json (~> 2.6)
      licensee (~> 9.16)
      parallel (~> 1.22)
      pathname-common_prefix (~> 0.0.1)
      reverse_markdown (~> 2.1)
      ruby-xxHash (~> 0.4.0)
      thor (~> 1.2)
      tomlrb (~> 2.0)
    licensee (9.16.0)
      dotenv (~> 2.0)
      octokit (>= 4.20, < 7.0)
      reverse_markdown (>= 1, < 3)
      rugged (>= 0.24, < 2.0)
      thor (>= 0.19, < 2.0)
    method_source (1.1.0)
    mini_mime (1.1.5)
    minitest (5.25.4)
    mocha (2.7.1)
      ruby2_keywords (>= 0.0.5)
    nokogiri (1.13.10-arm64-darwin)
      racc (~> 1.4)
    octokit (4.25.1)
      faraday (>= 1, < 3)
      sawyer (~> 0.9)
    parallel (1.24.0)
    pathname-common_prefix (0.0.2)
    plist (3.7.1)
    pry (0.15.0)
      coderay (~> 1.1)
      method_source (~> 1.0)
    public_suffix (5.1.1)
    racc (1.8.1)
    rake (13.2.1)
    rake-compiler (0.9.9)
      rake
    reverse_markdown (2.1.1)
      nokogiri
    ruby-xxHash (0.4.0.2)
    ruby2_keywords (0.0.5)
    rugged (1.7.2)
    sawyer (0.9.2)
      addressable (>= 2.3.5)
      faraday (>= 0.17.3, < 3)
    thor (1.3.2)
    tomlrb (2.0.3)
    yajl-ruby (1.4.3)

PLATFORMS
  arm64-darwin-23

DEPENDENCIES
  bundler (~> 2.0)
  byebug
  github-linguist!
  licensed (~> 4.0)
  licensee (~> 9.15)
  minitest (~> 5.15)
  mocha (~> 2.1)
  plist (~> 3.1)
  pry (~> 0.14)
  rake (~> 13.0)
  rake-compiler (~> 0.9)
  yajl-ruby (~> 1.4)

BUNDLED WITH
   2.4.22
